GEM
  remote: https://rubygems.org/
  specs:
    faraday (0.9.0)
      multipart-post (>= 1.2, < 3)
    multi_json (1.10.1)
    multipart-post (2.0.0)
    rack (1.5.2)
    rack-protection (1.5.3)
      rack
    radavis_last_fm (0.0.7)
      faraday (= 0.9.0)
      multi_json (= 1.10.1)
    sinatra (1.4.5)
      rack (~> 1.4)
      rack-protection (~> 1.4)
      tilt (~> 1.3, >= 1.3.4)
    taglib-ruby (0.6.0)
    tilt (1.4.1)

PLATFORMS
  ruby

DEPENDENCIES
  radavis_last_fm
  sinatra
  taglib-ruby
